GEM
  remote: https://rubygems.org/
  specs:
    date (3.4.1)
    mail (2.8.1)
      mini_mime (>= 0.1.1)
      net-imap
      net-pop
      net-smtp
    mini_mime (1.1.5)
    net-imap (0.5.3)
      date
      net-protocol
    net-pop (0.1.2)
    net-protocol (0.2.2)
      timeout
    net-smtp (0.5.0)
      net-protocol
    pony (1.13.1)
      mail (>= 2.0)
    timeout (0.4.3)

PLATFORMS
  ruby
  x86_64-darwin-21

DEPENDENCIES
  pony

RUBY VERSION
   ruby 3.3.3p89

BUNDLED WITH
   2.5.11
